GEM
  remote: https://rubygems.org/
  specs:
    libui (0.0.9)
    nokogiri (1.12.4-x64-mingw32)
      racc (~> 1.4)
    nokogiri (1.12.4-x86_64-linux)
      racc (~> 1.4)
    racc (1.5.2)
    rake (13.0.6)
    roo (2.8.3)
      nokogiri (~> 1)
      rubyzip (>= 1.3.0, < 3.0.0)
    rubyzip (2.3.2)
    sablon (0.3.2)
      nokogiri (>= 1.8.5)
      rubyzip (>= 1.1.1)

PLATFORMS
  x64-mingw32
  x86_64-linux

DEPENDENCIES
  libui
  rake
  roo
  sablon

BUNDLED WITH
   2.2.22
