GEM
  remote: https://rubygems.org/
  specs:
    array_include_methods (1.4.0)
    color (1.8)
    facets (3.1.0)
    glimmer (2.3.0)
      array_include_methods (~> 1.4.0)
      facets (>= 3.1.0, < 4.0.0)
    glimmer-dsl-libui (0.2.10)
      color (~> 1.8)
      glimmer (~> 2.3.0)
      libui (~> 0.0.11)
      os (>= 1.0.0, < 2.0.0)
    libui (0.0.11)
    nokogiri (1.12.4-x64-mingw32)
      racc (~> 1.4)
    nokogiri (1.12.4-x86_64-darwin)
      racc (~> 1.4)
    nokogiri (1.12.4-x86_64-linux)
      racc (~> 1.4)
    os (1.1.1)
    racc (1.5.2)
    rake (13.0.6)
    roo (2.8.3)
      nokogiri (~> 1)
      rubyzip (>= 1.3.0, < 3.0.0)
    rubyzip (2.3.2)
    sablon (0.3.2)
      nokogiri (>= 1.8.5)
      rubyzip (>= 1.1.1)

PLATFORMS
  x64-mingw32
  x86_64-darwin-20
  x86_64-linux

DEPENDENCIES
  glimmer-dsl-libui
  rake
  roo
  sablon

BUNDLED WITH
   2.2.28
